PATH
  remote: .
  specs:
    console-style (0.0.1)

GEM
  remote: https://rubygems.org/
  specs:
    coderay (1.1.3)
    method_source (1.0.0)
    pry (0.14.1)
      coderay (~> 1.1)
      method_source (~> 1.0)

PLATFORMS
  arm64-darwin-20

DEPENDENCIES
  console-style!
  pry

BUNDLED WITH
   2.3.5
